GEM
  remote: https://rubygems.org/
  specs:
    geokit (1.8.4)
      multi_json (>= 1.3.2)
    mini_portile (0.5.2)
    multi_json (1.8.4)
    nokogiri (1.6.1)
      mini_portile (~> 0.5.0)

PLATFORMS
  ruby

DEPENDENCIES
  geokit
  nokogiri (>= 1.6.1)
